GEM
  remote: http://rubygems.org/
  specs:
    dimensions (1.3.0)
    dotenv (2.7.6)
    faraday (0.17.5)
      multipart-post (>= 1.2, < 3)
    httparty (0.20.0)
      mime-types (~> 3.0)
      multi_xml (>= 0.5.2)
    kramdown (2.3.1)
      rexml
    ks (0.0.2)
    mime-types (3.4.1)
      mime-types-data (~> 3.2015)
    mime-types-data (3.2022.0105)
    multi_xml (0.6.0)
    multipart-post (2.1.1)
    mustermann (1.1.1)
      ruby2_keywords (~> 0.0.1)
    nio4r (2.5.8)
    puma (5.6.2)
      nio4r (~> 2.0)
    rack (2.2.3)
    rack-protection (2.2.0)
      rack
    rexml (3.2.5)
    rmagick (4.2.4)
    ruby2_keywords (0.0.5)
    rubyzip (2.3.2)
    shotgun (0.9.2)
      rack (>= 1.0)
    sinatra (2.2.0)
      mustermann (~> 1.0)
      rack (~> 2.2)
      rack-protection (= 2.2.0)
      tilt (~> 2.0)
    slim (4.1.0)
      temple (>= 0.7.6, < 0.9)
      tilt (>= 2.0.6, < 2.1)
    temple (0.8.2)
    tilt (2.0.10)
    wetransfer (0.4.4)
      faraday (~> 0.12)
      ks (~> 0.0.1)

PLATFORMS
  ruby

DEPENDENCIES
  dimensions
  dotenv
  httparty
  kramdown
  puma
  rmagick
  rubyzip
  shotgun
  sinatra
  slim
  wetransfer

RUBY VERSION
   ruby 2.6.5p114

BUNDLED WITH
   1.17.3
